GEM
  remote: https://rubygems.org/
  specs:
    diff-lcs (1.1.3)
    facter (2.5.1)
    fast_gettext (1.1.2)
    hiera (3.4.3)
    locale (2.1.2)
    multi_json (1.13.1)
    puppet (5.5.2)
      facter (> 2.0.1, < 4)
      fast_gettext (~> 1.1.2)
      hiera (>= 3.2.1, < 4)
      locale (~> 2.1)
      multi_json (~> 1.10)
    puppet-lint (0.1.13)
    rake (0.9.2.2)
    rspec (2.11.0)
      rspec-core (~> 2.11.0)
      rspec-expectations (~> 2.11.0)
      rspec-mocks (~> 2.11.0)
    rspec-core (2.11.1)
    rspec-expectations (2.11.2)
      diff-lcs (~> 1.1.3)
    rspec-mocks (2.11.1)
    rspec-puppet (0.1.4)
      rspec

PLATFORMS
  ruby

DEPENDENCIES
  puppet (>= 5.3.7, >= 2.7)
  puppet-lint
  rake
  rspec-puppet

BUNDLED WITH
   1.16.1
